PATH
  remote: .
  specs:
    marvel-combat-arena (0.0.1)
      gli (~> 2.20.1)

GEM
  remote: https://rubygems.org/
  specs:
    diff-lcs (1.4.4)
    gli (2.20.1)
    rake (0.9.6)
    rspec (3.10.0)
      rspec-core (~> 3.10.0)
      rspec-expectations (~> 3.10.0)
      rspec-mocks (~> 3.10.0)
    rspec-core (3.10.1)
      rspec-support (~> 3.10.0)
    rspec-expectations (3.10.1)
      diff-lcs (>= 1.2.0, < 2.0)
      rspec-support (~> 3.10.0)
    rspec-mocks (3.10.2)
      diff-lcs (>= 1.2.0, < 2.0)
      rspec-support (~> 3.10.0)
    rspec-support (3.10.3)

PLATFORMS
  ruby

DEPENDENCIES
  marvel-combat-arena!
  rake (~> 0.9.2)
  rspec

BUNDLED WITH
   2.1.4
